GEM
  remote: https://rubygems.org/
  specs:
    activemodel (4.2.5)
      activesupport (= 4.2.5)
      builder (~> 3.1)
    activesupport (4.2.5)
      i18n (~> 0.7)
      json (~> 1.7, >= 1.7.7)
      minitest (~> 5.1)
      thread_safe (~> 0.3, >= 0.3.4)
      tzinfo (~> 1.1)
    addressable (2.3.8)
    backports (3.6.7)
    bond (0.5.1)
    builder (3.2.2)
    coderay (1.1.0)
    coffee-script (2.4.1)
      coffee-script-source
      execjs
    coffee-script-source (1.10.0)
    domain_name (0.5.25)
      unf (>= 0.0.5, < 1.0.0)
    execjs (2.6.0)
    haml (4.0.7)
      tilt
    hike (1.2.3)
    http-cookie (1.0.2)
      domain_name (~> 0.5)
    i18n (0.7.0)
    json (1.8.3)
    method_source (0.8.2)
    mime-types (2.99)
    minitest (5.8.3)
    multi_json (1.11.2)
    netrc (0.11.0)
    oauth (0.4.7)
    pry (0.10.3)
      coderay (~> 1.1.0)
      method_source (~> 0.8.1)
      slop (~> 3.4)
    puma (2.15.3)
    rack (1.6.4)
    rack-protection (1.5.3)
      rack
    rack-test (0.6.3)
      rack (>= 1.0)
    rake (10.4.2)
    rest-client (1.8.0)
      http-cookie (>= 1.0.2, < 2.0)
      mime-types (>= 1.16, < 3.0)
      netrc (~> 0.7)
    ripl (0.7.1)
      bond (~> 0.5.1)
    ripl-multi_line (0.3.1)
      ripl (>= 0.3.6)
    ripl-rack (0.2.1)
      rack (>= 1.0)
      rack-test (~> 0.6.2)
      ripl (>= 0.7.0)
    ruby-trello (1.3.0)
      activemodel (>= 3.2.0)
      addressable (~> 2.3)
      json
      oauth (~> 0.4.5)
      rest-client (~> 1.8.0)
    sass (3.4.19)
    shotgun (0.9.1)
      rack (>= 1.0)
    sinatra (1.4.6)
      rack (~> 1.4)
      rack-protection (~> 1.4)
      tilt (>= 1.3, < 3)
    sinatra-asset-pipeline (0.7.0)
      coffee-script (~> 2.3)
      rake (~> 10.0)
      sass (~> 3.1)
      sinatra (~> 1.4)
      sprockets (~> 2.12)
      sprockets-helpers (~> 1.1)
      sprockets-sass (~> 1.2)
    sinatra-contrib (1.4.6)
      backports (>= 2.0)
      multi_json
      rack-protection
      rack-test
      sinatra (~> 1.4.0)
      tilt (>= 1.3, < 3)
    slop (3.6.0)
    sprockets (2.12.4)
      hike (~> 1.2)
      multi_json (~> 1.0)
      rack (~> 1.0)
      tilt (~> 1.1, != 1.3.0)
    sprockets-helpers (1.2.1)
      sprockets (>= 2.2)
    sprockets-sass (1.3.1)
      sprockets (~> 2.0)
      tilt (~> 1.1)
    thread_safe (0.3.5)
    tilt (1.4.1)
    tux (0.3.0)
      ripl (>= 0.3.5)
      ripl-multi_line (>= 0.2.4)
      ripl-rack (>= 0.2.0)
      sinatra (>= 1.2.1)
    tzinfo (1.2.2)
      thread_safe (~> 0.1)
    unf (0.1.4)
      unf_ext
    unf_ext (0.0.7.1)

PLATFORMS
  ruby

DEPENDENCIES
  activesupport (= 4.2.5)
  haml (= 4.0.7)
  pry (= 0.10.3)
  puma (= 2.15.3)
  ruby-trello (= 1.3.0)
  shotgun (= 0.9.1)
  sinatra (= 1.4.6)
  sinatra-asset-pipeline (= 0.7.0)
  sinatra-contrib (= 1.4.6)
  tux (= 0.3.0)

BUNDLED WITH
   1.10.6
